PATH
  remote: .
  specs:
    ci-cache (0.9.9)
      aws-sdk

GEM
  remote: https://rubygems.org/
  specs:
    aws-sdk (1.19.0)
      json (~> 1.4)
      nokogiri (>= 1.4.4, < 1.6.0)
      uuidtools (~> 2.1)
    diff-lcs (1.2.4)
    json (1.8.0)
    nokogiri (1.5.10)
    rspec (2.14.1)
      rspec-core (~> 2.14.0)
      rspec-expectations (~> 2.14.0)
      rspec-mocks (~> 2.14.0)
    rspec-core (2.14.5)
    rspec-expectations (2.14.3)
      diff-lcs (>= 1.1.3, < 2.0)
    rspec-mocks (2.14.3)
    uuidtools (2.1.4)

PLATFORMS
  ruby

DEPENDENCIES
  ci-cache!
  rspec
